GEM
  remote: http://rubygems.org/
  specs:
    backports (2.3.0)
    monkey-lib (0.5.4)
      backports
    mysql2 (0.3.7)
    rack (1.3.3)
    sequel (3.27.0)
    sinatra (1.2.6)
      rack (~> 1.1)
      tilt (< 2.0, >= 1.2.2)
    sinatra-advanced-routes (0.5.1)
      monkey-lib (~> 0.5.0)
      sinatra (~> 1.0)
      sinatra-sugar (~> 0.5.0)
    sinatra-reloader (0.5.0)
      sinatra (~> 1.0)
      sinatra-advanced-routes (~> 0.5.0)
    sinatra-sugar (0.5.1)
      monkey-lib (~> 0.5.0)
      sinatra (~> 1.0)
    tilt (1.3.3)

PLATFORMS
  ruby

DEPENDENCIES
  mysql2
  sequel
  sinatra
  sinatra-reloader
